PATH
  remote: .
  specs:
    tableizer (0.0.3)

GEM
  remote: https://rubygems.org/
  specs:
    binding_of_caller (0.6.8)
    coderay (1.0.8)
    columnize (0.3.6)
    debugger (1.2.1)
      columnize (>= 0.3.1)
      debugger-linecache (~> 1.1.1)
      debugger-ruby_core_source (~> 1.1.4)
    debugger-linecache (1.1.2)
      debugger-ruby_core_source (>= 1.1.1)
    debugger-ruby_core_source (1.1.4)
    guard (1.5.4)
      listen (>= 0.4.2)
      lumberjack (>= 1.0.2)
      pry (>= 0.9.10)
      thor (>= 0.14.6)
    guard-minitest (0.5.0)
      guard (>= 0.4)
    listen (0.5.3)
    lumberjack (1.0.2)
    method_source (0.8.1)
    minitest (4.3.2)
    minitest_should (0.3.1)
    pry (0.9.10)
      coderay (~> 1.0.5)
      method_source (~> 0.8)
      slop (~> 3.3.1)
    pry-doc (0.4.4)
      pry (>= 0.9.9.6)
      yard (~> 0.8.1)
    pry-nav (0.2.2)
      pry (~> 0.9.10)
    pry-rails (0.2.1)
      pry (>= 0.9.10)
    pry-remote (0.1.6)
      pry (~> 0.9)
      slop (~> 3.0)
    pry-stack_explorer (0.4.6)
      binding_of_caller (~> 0.6.2)
    rake (10.0.2)
    rb-fsevent (0.9.2)
    ruby-prof (0.11.2)
    ruby_gntp (0.3.4)
    slop (3.3.3)
    thor (0.16.0)
    yard (0.8.2.1)

PLATFORMS
  ruby

DEPENDENCIES
  bundler (~> 1.0)
  debugger
  guard
  guard-minitest
  minitest
  minitest_should
  pry
  pry-doc
  pry-nav
  pry-rails
  pry-remote
  pry-stack_explorer
  rake
  rb-fsevent
  ruby-prof
  ruby_gntp
  tableizer!
