PATH
  remote: .
  specs:
    tableizer (0.0.3)

GEM
  remote: https://rubygems.org/
  specs:
    coderay (1.0.8)
    method_source (0.8.1)
    minitest (4.3.2)
    minitest_should (0.3.1)
    pry (0.9.10)
      coderay (~> 1.0.5)
      method_source (~> 0.8)
      slop (~> 3.3.1)
    pry-nav (0.2.2)
      pry (~> 0.9.10)
    rake (10.0.2)
    slop (3.3.3)

PLATFORMS
  ruby

DEPENDENCIES
  bundler (~> 1.0)
  minitest
  minitest_should
  pry-nav
  rake
  tableizer!

BUNDLED WITH
   1.16.0.pre.2
